GEM
  remote: http://rubygems.org/
  specs:
    bson (1.0.9)
    bson_ext (1.0.9)
    haml (3.0.18)
    mongo (1.0.9)
      bson (>= 1.0.5)
    polyglot (0.3.1)
    rack (1.1.0)
    rspec (1.3.0)
    sinatra (1.0)
      rack (>= 1.0)
    treetop (1.4.8)
      polyglot (>= 0.3.1)

PLATFORMS
  ruby

DEPENDENCIES
  bson_ext
  haml
  mongo
  rack (= 1.1.0)
  rspec (= 1.3.0)
  sinatra
  treetop
